{
  "TaskName": "tapping",
  "PowerLineFrequency": 50.0,
  "SamplingFrequency": 7.8125,
  "SoftwareFilters": "n/a",
  "RecordingDuration": 2974.464,
  "RecordingType": "continuous",
  "EEGChannelCount": 0,
  "EOGChannelCount": 0,
  "ECGChannelCount": 0,
  "EMGChannelCount": 0,
  "MiscChannelCount": 0,
  "TriggerChannelCount": 0,
  "NIRSChannelCount": 56,
  "NIRSSourceOptodeCount": 8,
  "NIRSDetectorOptodeCount": 16,
  "Manufacturer": "NIRx"
}
